GEM
  remote: http://rubygems.org/
  specs:
    sass (3.4.9)
    sass2stylus (0.0.1)
      sass (= 3.4.9)

PLATFORMS
  ruby

DEPENDENCIES
  sass2stylus

BUNDLED WITH
   1.10.5
